PATH
  remote: ../../
  specs:
    sinatra-rest-api (0.1.0)
      sinatra (= 1.4.7)

GEM
  remote: https://rubygems.org/
  specs:
    backports (3.6.8)
    coderay (1.1.1)
    daemons (1.2.4)
    eventmachine (1.2.0.1)
    method_source (0.8.2)
    multi_json (1.12.1)
    pry (0.10.4)
      coderay (~> 1.1.0)
      method_source (~> 0.8.1)
      slop (~> 3.4)
    rack (1.6.4)
    rack-protection (1.5.3)
      rack
    rack-test (0.6.3)
      rack (>= 1.0)
    rake (11.3.0)
    sequel (4.40.0)
    sinatra (1.4.7)
      rack (~> 1.5)
      rack-protection (~> 1.4)
      tilt (>= 1.3, < 3)
    sinatra-contrib (1.4.7)
      backports (>= 2.0)
      multi_json
      rack-protection
      rack-test
      sinatra (~> 1.4.0)
      tilt (>= 1.3, < 3)
    slop (3.6.0)
    sqlite3 (1.3.12)
    thin (1.7.0)
      daemons (~> 1.0, >= 1.0.9)
      eventmachine (~> 1.0, >= 1.0.4)
      rack (>= 1, < 3)
    tilt (2.0.5)

PLATFORMS
  ruby

DEPENDENCIES
  pry
  rake
  sequel
  sinatra
  sinatra-contrib
  sinatra-rest-api!
  sqlite3
  thin

BUNDLED WITH
   1.13.5
